PATH
  remote: .
  specs:
    handlebars_assets (0.14.1)
      execjs (>= 1.2.9)
      sprockets (>= 2.0.3)
      tilt

GEM
  remote: http://rubygems.org/
  specs:
    columnize (0.3.6)
    debugger (1.3.1)
      columnize (>= 0.3.1)
      debugger-linecache (~> 1.1.1)
      debugger-ruby_core_source (~> 1.1.8)
    debugger-linecache (1.1.2)
      debugger-ruby_core_source (>= 1.1.1)
    debugger-ruby_core_source (1.1.8)
    execjs (1.4.0)
      multi_json (~> 1.0)
    haml (4.0.0)
      tilt
    hike (1.2.2)
    json (1.7.7)
    multi_json (1.7.5)
    rack (1.5.2)
    rake (10.0.3)
    slim (1.3.6)
      temple (~> 0.5.5)
      tilt (~> 1.3.3)
    sprockets (2.9.3)
      hike (~> 1.2)
      multi_json (~> 1.0)
      rack (~> 1.0)
      tilt (~> 1.1, != 1.3.0)
    temple (0.5.5)
    tilt (1.3.3)

PLATFORMS
  ruby

DEPENDENCIES
  debugger
  haml
  handlebars_assets!
  json (~> 1.7.7)
  rake
  slim
